GEM
  remote: https://rubygems.org/
  specs:
    bourbon (4.2.2)
      sass (~> 3.4)
      thor
    neat (1.7.0)
      bourbon (>= 4.0)
      sass (>= 3.3)
    sass (3.4.13)
    thor (0.19.1)

PLATFORMS
  ruby

DEPENDENCIES
  bourbon
  neat
